GIT
  remote: https://github.com/bwillis/jekyll-github-sample
  revision: 57a1529af40ed4ed566d469537e2656d062939bd
  ref: master
  specs:
    jekyll_github_sample (0.3.2)
      activesupport (>= 4.0, < 7.0)
      jekyll (>= 3.0, < 5.0)

GIT
  remote: https://github.com/cprima/jekyll-sketchviz
  revision: e3c93150a327d0c20ce540333f056d67e0bb456f
  tag: v0.1.0-alpha
  specs:
    jekyll-sketchviz (0.0.2)
      jekyll (~> 4.0)

GEM
  remote: https://rubygems.org/
  specs:
    activesupport (6.1.7.10)
      concurrent-ruby (~> 1.0, >= 1.0.2)
      i18n (>= 1.6, < 2)
      minitest (>= 5.1)
      tzinfo (~> 2.0)
      zeitwerk (~> 2.3)
    addressable (2.8.7)
      public_suffix (>= 2.0.2, < 7.0)
    base64 (0.2.0)
    bigdecimal (3.1.9)
    bump (0.10.0)
    coderay (1.1.3)
    colorator (1.1.0)
    concurrent-ruby (1.3.4)
    csv (3.2.8)
    em-websocket (0.5.3)
      eventmachine (>= 0.12.9)
      http_parser.rb (~> 0)
    eventmachine (1.2.7)
    facets (3.1.0)
    ffi (1.17.0-x64-mingw-ucrt)
    forwardable-extended (2.6.0)
    htmlentities (4.3.4)
    http_parser.rb (0.8.0)
    i18n (1.14.6)
      concurrent-ruby (~> 1.0)
    jekyll (4.3.4)
      addressable (~> 2.4)
      colorator (~> 1.0)
      em-websocket (~> 0.5)
      i18n (~> 1.0)
      jekyll-sass-converter (>= 2.0, < 4.0)
      jekyll-watch (~> 2.0)
      kramdown (~> 2.3, >= 2.3.1)
      kramdown-parser-gfm (~> 1.0)
      liquid (~> 4.0)
      mercenary (>= 0.3.6, < 0.5)
      pathutil (~> 0.9)
      rouge (>= 3.0, < 5.0)
      safe_yaml (~> 1.0)
      terminal-table (>= 1.8, < 4.0)
      webrick (~> 1.7)
    jekyll-contentblocks (1.2.0)
      jekyll
    jekyll-feed (0.17.0)
      jekyll (>= 3.7, < 5.0)
    jekyll-sass-converter (2.2.0)
      sassc (> 2.0.1, < 3.0)
    jekyll-watch (2.2.1)
      listen (~> 3.0)
    jekyll_flexible_include (2.0.24)
      jekyll-sass-converter (= 2.2.0)
      jekyll_from_to_until
      jekyll_plugin_support (>= 1.0.3)
      rugged
    jekyll_from_to_until (1.0.5)
      htmlentities
      jekyll (>= 3.5.0)
      jekyll_plugin_logger
    jekyll_plugin_logger (2.1.2)
      bump
      jekyll (>= 3.5.0)
    jekyll_plugin_support (1.0.3)
      facets
      jekyll (>= 3.5.0)
      jekyll_plugin_logger
      key-value-parser
      pry
    key-value-parser (0.0.2)
    kramdown (2.5.1)
      rexml (>= 3.3.9)
    kramdown-parser-gfm (1.1.0)
      kramdown (~> 2.0)
    liquid (4.0.4)
    listen (3.9.0)
      rb-fsevent (~> 0.10, >= 0.10.3)
      rb-inotify (~> 0.9, >= 0.9.10)
    mercenary (0.4.0)
    method_source (1.1.0)
    minitest (5.25.4)
    mutex_m (0.3.0)
    pathutil (0.16.2)
      forwardable-extended (~> 2.6)
    pry (0.15.0)
      coderay (~> 1.1)
      method_source (~> 1.0)
    public_suffix (6.0.1)
    rb-fsevent (0.11.2)
    rb-inotify (0.11.1)
      ffi (~> 1.0)
    rexml (3.3.9)
    rouge (4.5.1)
    rugged (1.7.2)
    safe_yaml (1.0.5)
    sassc (2.4.0)
      ffi (~> 1.9)
    terminal-table (3.0.2)
      unicode-display_width (>= 1.1.1, < 3)
    tzinfo (2.0.6)
      concurrent-ruby (~> 1.0)
    tzinfo-data (1.2024.2)
      tzinfo (>= 1.0.0)
    unicode-display_width (2.6.0)
    webrick (1.9.1)
    zeitwerk (2.7.1)

PLATFORMS
  x64-mingw-ucrt

DEPENDENCIES
  base64
  bigdecimal
  csv
  http_parser.rb (~> 0.6.0)
  jekyll (~> 4.3.2)
  jekyll-contentblocks
  jekyll-feed (~> 0.12)
  jekyll-sketchviz!
  jekyll_flexible_include
  jekyll_github_sample!
  mutex_m
  tzinfo (>= 1, < 3)
  tzinfo-data

BUNDLED WITH
   2.5.23
